PATH
  remote: .
  specs:
    gana (0.1.0)
      sequel (~> 5.0)

GEM
  remote: https://rubygems.org/
  specs:
    byebug (10.0.1)
    coderay (1.1.2)
    curses (1.2.4)
    diff-lcs (1.3)
    method_source (0.9.2)
    pg (1.1.4)
    pry (0.12.2)
      coderay (~> 1.1.0)
      method_source (~> 0.9.0)
    pry-byebug (3.6.0)
      byebug (~> 10.0)
      pry (~> 0.10)
    pry-doc (1.0.0)
      pry (~> 0.11)
      yard (~> 0.9.11)
    rake (10.5.0)
    rspec (3.8.0)
      rspec-core (~> 3.8.0)
      rspec-expectations (~> 3.8.0)
      rspec-mocks (~> 3.8.0)
    rspec-core (3.8.0)
      rspec-support (~> 3.8.0)
    rspec-expectations (3.8.2)
      diff-lcs (>= 1.2.0, < 2.0)
      rspec-support (~> 3.8.0)
    rspec-mocks (3.8.0)
      diff-lcs (>= 1.2.0, < 2.0)
      rspec-support (~> 3.8.0)
    rspec-support (3.8.0)
    sequel (5.7.1)
    yard (0.9.18)

PLATFORMS
  ruby

DEPENDENCIES
  bundler (~> 1.16)
  curses (~> 1.2)
  gana!
  pg (~> 1.1)
  pry (~> 0.3)
  pry-byebug (~> 3.6)
  pry-doc (~> 1.0)
  rake (~> 10.0)
  rspec (~> 3.8.0)

BUNDLED WITH
   1.17.2
